GEM
  remote: http://rubygems.org/
  specs:
    rack (1.6.4)
    sapp (0.3.0)
      rack
    simple_session (0.3.5)
      rack

PLATFORMS
  ruby

DEPENDENCIES
  sapp
  simple_session

BUNDLED WITH
   1.10.6
